PATH
  remote: .
  specs:
    resterl (0.0.15)
      activesupport (>= 2.3.18)
      hashie (~> 0.4.0)
      yajl-ruby (~> 1.1)

GEM
  remote: http://rubygems.org/
  specs:
    activesupport (4.2.0)
      i18n (~> 0.7)
      json (~> 1.7, >= 1.7.7)
      minitest (~> 5.1)
      thread_safe (~> 0.3, >= 0.3.4)
      tzinfo (~> 1.1)
    addressable (2.3.6)
    coderay (1.1.0)
    crack (0.4.2)
      safe_yaml (~> 1.0.0)
    diff-lcs (1.2.5)
    hashie (0.4.0)
    i18n (0.7.0)
    json (1.8.2)
    method_source (0.8.2)
    minitest (5.5.1)
    pry (0.10.1)
      coderay (~> 1.1.0)
      method_source (~> 0.8.1)
      slop (~> 3.4)
    rspec (3.1.0)
      rspec-core (~> 3.1.0)
      rspec-expectations (~> 3.1.0)
      rspec-mocks (~> 3.1.0)
    rspec-core (3.1.7)
      rspec-support (~> 3.1.0)
    rspec-expectations (3.1.2)
      diff-lcs (>= 1.2.0, < 2.0)
      rspec-support (~> 3.1.0)
    rspec-mocks (3.1.3)
      rspec-support (~> 3.1.0)
    rspec-support (3.1.2)
    safe_yaml (1.0.4)
    slop (3.6.0)
    thread_safe (0.3.4)
    timecop (0.7.1)
    tzinfo (1.2.2)
      thread_safe (~> 0.1)
    webmock (1.20.4)
      addressable (>= 2.3.6)
      crack (>= 0.3.2)
    yajl-ruby (1.2.1)

PLATFORMS
  ruby

DEPENDENCIES
  pry
  resterl!
  rspec (~> 3.1)
  timecop (~> 0.7.1)
  webmock (~> 1.20.4)
